GEM
  remote: http://rubygems.org/
  specs:
    haml (3.1.4)
    httparty (0.8.1)
      multi_json
      multi_xml
    minitest (2.11.1)
    multi_json (1.0.4)
    multi_xml (0.4.1)
    mustermann (1.0.2)
    rack (2.0.5)
    rack-protection (2.0.2)
      rack
    rack-test (0.6.1)
      rack (>= 1.0)
    sinatra (2.0.2)
      mustermann (~> 1.0)
      rack (~> 2.0)
      rack-protection (= 2.0.2)
      tilt (~> 2.0)
    tilt (2.0.8)

PLATFORMS
  ruby

DEPENDENCIES
  haml
  httparty
  minitest
  rack-test
  sinatra (>= 2.0.2)

BUNDLED WITH
   1.16.1
