GEM
  remote: http://rubygems.org/
  specs:
    haml (5.0.4)
      temple (>= 0.8.0)
      tilt
    httparty (0.16.1)
      multi_xml (>= 0.5.2)
    minitest (2.11.1)
    multi_xml (0.6.0)
    mustermann (1.0.2)
    rack (2.0.4)
    rack-protection (2.0.1)
      rack
    rack-test (1.0.0)
      rack (>= 1.0, < 3)
    sinatra (2.0.1)
      mustermann (~> 1.0)
      rack (~> 2.0)
      rack-protection (= 2.0.1)
      tilt (~> 2.0)
    temple (0.8.0)
    tilt (2.0.8)

PLATFORMS
  ruby

DEPENDENCIES
  haml (>= 5.0.0)
  httparty (>= 0.10.0)
  minitest
  rack-test (>= 0.6.1)
  sinatra (>= 2.0.0)

BUNDLED WITH
   1.16.1
